GEM
  remote: http://rubygems.org/
  specs:
    adsf (1.0.1)
      rack (>= 1.0.0)
    cri (2.0.2)
    curb (0.7.16)
    json (1.6.1)
    kramdown (0.13.3)
    mime-types (1.17.2)
    nanoc (3.2.3)
      nanoc3 (>= 3.2.3)
    nanoc3 (3.2.3)
      cri (~> 2.0)
    rack (1.3.5)

PLATFORMS
  ruby

DEPENDENCIES
  adsf
  curb
  json
  kramdown
  mime-types
  nanoc
